GEM
  remote: http://rubygems.org/
  specs:
    hoe (3.11.0)
      rake (>= 0.8, < 11.0)
    mail (2.5.4)
      mime-types (~> 1.16)
      treetop (~> 1.4.8)
    mime-types (1.25.1)
    mini_portile (0.5.3)
    nokogiri (1.6.1)
      mini_portile (~> 0.5.0)
    polyglot (0.3.4)
    pony (1.8)
      mail (>= 2.0)
    rake (10.2.2)
    redcarpet (3.1.1)
    treetop (1.4.15)
      polyglot
      polyglot (>= 0.3.1)
    xdg (2.2.3)
    xmpp4r (0.5.6)

PLATFORMS
  ruby

DEPENDENCIES
  hoe
  nokogiri
  pony
  redcarpet
  xdg
  xmpp4r
