GEM
  remote: http://rubygems.org/
  specs:
    hoe (3.11.0)
      rake (>= 0.8, < 11.0)
    mini_portile (0.5.3)
    nokogiri (1.6.1)
      mini_portile (~> 0.5.0)
    rake (10.2.2)
    xdg (2.2.3)
    xmpp4r (0.5.6)

PLATFORMS
  ruby

DEPENDENCIES
  hoe
  nokogiri
  xdg
  xmpp4r
