GEM
  remote: http://rubygems.org/
  specs:
    hoe (3.11.0)
      rake (>= 0.8, < 11.0)
    rake (10.2.2)
    xmpp4r (0.5.6)

PLATFORMS
  ruby

DEPENDENCIES
  hoe
  xmpp4r
